GIT
  remote: git://github.com/rack/rack.git
  revision: 92811eec6e86cb4dba52b3969c4dd66e639df158
  specs:
    rack (1.6.0.alpha)

GIT
  remote: git://github.com/rails/arel.git
  revision: 66cee768bc163537087037a583f60639eae49fc3
  specs:
    arel (6.0.0.20140505020427)

GIT
  remote: git://github.com/rails/coffee-rails.git
  revision: 044d0d683b436128dedf45f780b8fca138d005e2
  specs:
    coffee-rails (4.0.1)
      coffee-script (>= 2.2.0)
      railties (>= 4.0.0, < 5.0)

GIT
  remote: git://github.com/rails/rails.git
  revision: 3300fdedc748993b378288c6cbc3113885c955ed
  specs:
    actionmailer (4.2.0.alpha)
      actionpack (= 4.2.0.alpha)
      actionview (= 4.2.0.alpha)
      mail (~> 2.5, >= 2.5.4)
    actionpack (4.2.0.alpha)
      actionview (= 4.2.0.alpha)
      activesupport (= 4.2.0.alpha)
      rack (~> 1.6.0.alpha)
      rack-test (~> 0.6.2)
    actionview (4.2.0.alpha)
      activesupport (= 4.2.0.alpha)
      builder (~> 3.1)
      erubis (~> 2.7.0)
    activemodel (4.2.0.alpha)
      activesupport (= 4.2.0.alpha)
      builder (~> 3.1)
    activerecord (4.2.0.alpha)
      activemodel (= 4.2.0.alpha)
      activesupport (= 4.2.0.alpha)
      arel (~> 6.0.0)
    activesupport (4.2.0.alpha)
      i18n (>= 0.7.0.dev, < 0.8)
      json (~> 1.7, >= 1.7.7)
      minitest (~> 5.1)
      thread_safe (~> 0.1)
      tzinfo (~> 1.1)
    rails (4.2.0.alpha)
      actionmailer (= 4.2.0.alpha)
      actionpack (= 4.2.0.alpha)
      actionview (= 4.2.0.alpha)
      activemodel (= 4.2.0.alpha)
      activerecord (= 4.2.0.alpha)
      activesupport (= 4.2.0.alpha)
      bundler (>= 1.3.0, < 2.0)
      railties (= 4.2.0.alpha)
      sprockets-rails (~> 2.1)
    railties (4.2.0.alpha)
      actionpack (= 4.2.0.alpha)
      activesupport (= 4.2.0.alpha)
      rake (>= 0.8.7)
      thor (>= 0.18.1, < 2.0)

GIT
  remote: git://github.com/rails/sass-rails.git
  revision: 57ec3397ff99655890895df29a7bf3f683410256
  specs:
    sass-rails (5.0.0.dev)
      railties (>= 4.0.0, < 5.0)
      sass (~> 3.2)
      sprockets (~> 2.12)
      sprockets-rails (~> 2.0)

GIT
  remote: git://github.com/rails/sprockets-rails.git
  revision: 58ed3c3a73d082c2ff79898affe5bdab378eeba2
  specs:
    sprockets-rails (2.1.2)
      actionpack (>= 4.0)
      activesupport (>= 4.0)
      sprockets (~> 2.8)

GIT
  remote: git://github.com/svenfuchs/i18n.git
  revision: cb679b8cdbab675703a3f88de4d48a48f7b50e06
  specs:
    i18n (0.7.0.dev)

PATH
  remote: .
  specs:
    magaz_store (0.0.1)

PATH
  remote: ../magaz_core
  specs:
    magaz_core (0.0.2)
      bcrypt-ruby
      carrierwave
      friendly_id (= 5.0.4)
      liquid
      rmagick
      rubyzip
      sidekiq

PATH
  remote: ../magaz_style
  specs:
    magaz_style (0.0.1)

GEM
  remote: https://rubygems.org/
  specs:
    bcrypt (3.1.7)
    bcrypt-ruby (3.1.5)
      bcrypt (>= 3.1.3)
    builder (3.2.2)
    carrierwave (0.10.0)
      activemodel (>= 3.2.0)
      activesupport (>= 3.2.0)
      json (>= 1.7)
      mime-types (>= 1.16)
    celluloid (0.15.2)
      timers (~> 1.1.0)
    coffee-script (2.3.0)
      coffee-script-source
      execjs
    coffee-script-source (1.7.1)
    connection_pool (2.0.0)
    database_cleaner (1.3.0)
    erubis (2.7.0)
    execjs (2.2.1)
    factory_girl (4.4.0)
      activesupport (>= 3.0.0)
    friendly_id (5.0.4)
      activerecord (>= 4.0.0)
    hike (1.2.3)
    jbuilder (2.1.3)
      activesupport (>= 3.0.0, < 5)
      multi_json (~> 1.2)
    jquery-rails (3.1.1)
      railties (>= 3.0, < 5.0)
      thor (>= 0.14, < 2.0)
    json (1.8.1)
    liquid (2.6.1)
    mail (2.6.1)
      mime-types (>= 1.16, < 3)
    mime-types (2.3)
    minitest (5.4.0)
    multi_json (1.10.1)
    pg (0.17.1)
    rack-test (0.6.2)
      rack (>= 1.0)
    rake (10.3.2)
    rdoc (4.1.1)
      json (~> 1.4)
    redis (3.1.0)
    redis-namespace (1.5.1)
      redis (~> 3.0, >= 3.0.4)
    rmagick (2.13.3)
    rubyzip (1.1.6)
    sass (3.3.14)
    sdoc (0.4.0)
      json (~> 1.8)
      rdoc (~> 4.0, < 5.0)
    sidekiq (3.2.1)
      celluloid (>= 0.15.2)
      connection_pool (>= 2.0.0)
      json
      redis (>= 3.0.6)
      redis-namespace (>= 1.3.1)
    spring (1.1.3)
    sprockets (2.12.1)
      hike (~> 1.2)
      multi_json (~> 1.0)
      rack (~> 1.0)
      tilt (~> 1.1, != 1.3.0)
    sqlite3 (1.3.9)
    thor (0.19.1)
    thread_safe (0.3.4)
    tilt (1.4.1)
    timers (1.1.0)
    turbolinks (2.2.2)
      coffee-rails
    tzinfo (1.2.1)
      thread_safe (~> 0.1)
    uglifier (2.5.3)
      execjs (>= 0.3.0)
      json (>= 1.8.0)

PLATFORMS
  ruby

DEPENDENCIES
  arel!
  coffee-rails!
  database_cleaner
  factory_girl
  i18n!
  jbuilder (~> 2.0)
  jquery-rails
  magaz_core!
  magaz_store!
  magaz_style!
  pg
  rack!
  rails!
  sass-rails!
  sdoc (~> 0.4.0)
  spring
  sprockets-rails!
  sqlite3
  turbolinks
  uglifier (>= 1.3.0)
